GEM
  remote: http://rubygems.org/
  specs:
    activesupport (3.2.12)
      i18n (~> 0.6)
      multi_json (~> 1.0)
    builder (3.2.0)
    colored (1.2)
    cucumber (1.2.1)
      builder (>= 2.1.2)
      diff-lcs (>= 1.1.3)
      gherkin (~> 2.11.0)
      json (>= 1.4.6)
    diff-lcs (1.2.1)
    dnssd (2.0)
    frank-cucumber (1.1.8)
      cucumber
      dnssd
      i18n
      json
      plist
      rspec (>= 2.0)
      sim_launcher (>= 0.4.6)
      thor
      xcodeproj
    gherkin (2.11.6)
      json (>= 1.7.6)
    i18n (0.6.1)
    json (1.7.7)
    multi_json (1.6.1)
    plist (3.1.0)
    rack (1.5.2)
    rack-protection (1.3.2)
      rack
    rake (10.0.3)
    rspec (2.13.0)
      rspec-core (~> 2.13.0)
      rspec-expectations (~> 2.13.0)
      rspec-mocks (~> 2.13.0)
    rspec-core (2.13.0)
    rspec-expectations (2.13.0)
      diff-lcs (>= 1.1.3, < 2.0)
    rspec-mocks (2.13.0)
    sim_launcher (0.4.6)
      sinatra
    sinatra (1.3.4)
      rack (~> 1.4)
      rack-protection (~> 1.3)
      tilt (~> 1.3, >= 1.3.3)
    thor (0.17.0)
    tilt (1.3.3)
    xcodeproj (0.5.0)
      activesupport (~> 3.2.6)
      colored (~> 1.2)

PLATFORMS
  ruby

DEPENDENCIES
  frank-cucumber
  rake
